GEM
  remote: https://rubygems.org/
  specs:
    rack (1.6.0)
    sprockets (3.0.3)
      rack (~> 1.0)

PLATFORMS
  ruby

DEPENDENCIES
  sprockets
